PATH
  remote: .
  specs:
    leter (0.1.0)
      activesupport (~> 5.2, >= 5.2.3)
      kramdown (~> 2.1)
      nokogiri (~> 1.10, >= 1.10.3)

GEM
  remote: https://rubygems.org/
  specs:
    activesupport (5.2.3)
      concurrent-ruby (~> 1.0, >= 1.0.2)
      i18n (>= 0.7, < 2)
      minitest (~> 5.1)
      tzinfo (~> 1.1)
    concurrent-ruby (1.1.5)
    i18n (1.6.0)
      concurrent-ruby (~> 1.0)
    kramdown (2.1.0)
    mini_portile2 (2.4.0)
    minitest (5.11.3)
    nokogiri (1.10.3)
      mini_portile2 (~> 2.4.0)
    rake (10.5.0)
    thread_safe (0.3.6)
    tzinfo (1.2.5)
      thread_safe (~> 0.1)

PLATFORMS
  ruby

DEPENDENCIES
  bundler (~> 2.0)
  leter!
  minitest (~> 5.0)
  rake (~> 10.0)

BUNDLED WITH
   2.0.1
