PATH
  remote: .
  specs:
    leter (0.4.0)
      activesupport (~> 5.2, >= 5.2.3)
      motion-markdown-it (~> 8.4, >= 8.4.1.1)
      motion-markdown-it-plugins (~> 8.4, >= 8.4.2.1)
      nokogiri (~> 1.10, >= 1.10.3)

GEM
  remote: https://rubygems.org/
  specs:
    activesupport (5.2.4.2)
      concurrent-ruby (~> 1.0, >= 1.0.2)
      i18n (>= 0.7, < 2)
      minitest (~> 5.1)
      tzinfo (~> 1.1)
    ansi (1.5.0)
    aruba (1.0.0)
      childprocess (~> 3.0)
      contracts (~> 0.16.0)
      cucumber (>= 2.4, < 4.0)
      ffi (~> 1.9)
      rspec-expectations (~> 3.4)
      thor (~> 1.0)
    ast (2.4.0)
    backports (3.17.0)
    builder (3.2.4)
    childprocess (3.0.0)
    colorize (0.8.1)
    concurrent-ruby (1.1.6)
    contracts (0.16.0)
    coveralls (0.8.23)
      json (>= 1.8, < 3)
      simplecov (~> 0.16.1)
      term-ansicolor (~> 1.3)
      thor (>= 0.19.4, < 2.0)
      tins (~> 1.6)
    csso-rails (0.8.2)
      execjs (>= 1)
    cucumber (3.1.2)
      builder (>= 2.1.2)
      cucumber-core (~> 3.2.0)
      cucumber-expressions (~> 6.0.1)
      cucumber-wire (~> 0.0.1)
      diff-lcs (~> 1.3)
      gherkin (~> 5.1.0)
      multi_json (>= 1.7.5, < 2.0)
      multi_test (>= 0.1.2)
    cucumber-core (3.2.1)
      backports (>= 3.8.0)
      cucumber-tag_expressions (~> 1.1.0)
      gherkin (~> 5.0)
    cucumber-expressions (6.0.1)
    cucumber-tag_expressions (1.1.1)
    cucumber-wire (0.0.1)
    diff-lcs (1.3)
    docile (1.3.2)
    dotenv (2.7.5)
    execjs (2.7.0)
    ffi (1.12.2)
    gem-release (2.1.1)
    gherkin (5.1.0)
    i18n (1.8.2)
      concurrent-ruby (~> 1.0)
    jaro_winkler (1.5.4)
    json (2.3.0)
    linkify-it-rb (2.0.3)
      uc.micro-rb (~> 1.0)
    mdurl-rb (1.0.5)
    mini_portile2 (2.4.0)
    minitest (5.14.0)
    minitest-reporters (1.4.2)
      ansi
      builder
      minitest (>= 5.0)
      ruby-progressbar
    motion-markdown-it (8.4.1.2)
      linkify-it-rb (~> 2.0)
      mdurl-rb (~> 1.0)
      uc.micro-rb (~> 1.0)
    motion-markdown-it-plugins (8.4.2.1)
      motion-markdown-it (> 8.4.1.1)
    multi_json (1.14.1)
    multi_test (0.1.2)
    nokogiri (1.10.9)
      mini_portile2 (~> 2.4.0)
    parallel (1.19.1)
    parser (2.7.1.0)
      ast (~> 2.4.0)
    rainbow (3.0.0)
    rake (13.0.1)
    rexml (3.2.4)
    rspec-expectations (3.9.1)
      diff-lcs (>= 1.2.0, < 2.0)
      rspec-support (~> 3.9.0)
    rspec-support (3.9.2)
    rubocop (0.81.0)
      jaro_winkler (~> 1.5.1)
      parallel (~> 1.10)
      parser (>= 2.7.0.1)
      rainbow (>= 2.2.2, < 4.0)
      rexml
      ruby-progressbar (~> 1.7)
      unicode-display_width (>= 1.4.0, < 2.0)
    rubocop-minitest (0.3.0)
      rubocop (>= 0.74)
    ruby-progressbar (1.10.1)
    simplecov (0.16.1)
      docile (~> 1.1)
      json (>= 1.8, < 3)
      simplecov-html (~> 0.10.0)
    simplecov-html (0.10.2)
    sync (0.5.0)
    term-ansicolor (1.7.1)
      tins (~> 1.0)
    thor (1.0.1)
    thread_safe (0.3.6)
    tins (1.24.1)
      sync
    tzinfo (1.2.7)
      thread_safe (~> 0.1)
    uc.micro-rb (1.0.5)
    unicode-display_width (1.7.0)

PLATFORMS
  ruby

DEPENDENCIES
  aruba (~> 1.0.0)
  bundler (~> 2.0)
  colorize (~> 0.8.1)
  coveralls
  csso-rails (~> 0.8.1)
  dotenv (~> 2.7, >= 2.7.5)
  gem-release (~> 2.1, >= 2.1.1)
  leter!
  minitest (~> 5.0)
  minitest-reporters (~> 1.1, >= 1.1.11)
  rake (~> 13.0)
  rubocop-minitest (~> 0.3.0)

BUNDLED WITH
   2.1.4
